PATH
  remote: .
  specs:
    vueapp (0.1.0)
      bundler (~> 2.0)
      concolor (= 0.0.1)
      listen (~> 3.2)
      sassc
      slim (~> 4.0, >= 4.0.1)
      thor (~> 0.20.3)
      uglifier (~> 4.2.0)

GEM
  remote: https://rubygems.org/
  specs:
    ast (2.4.0)
    concolor (0.0.1)
    diff-lcs (1.3)
    execjs (2.7.0)
    ffi (1.11.1)
    jaro_winkler (1.5.3)
    listen (3.2.0)
      rb-fsevent (~> 0.10, >= 0.10.3)
      rb-inotify (~> 0.9, >= 0.9.10)
    parallel (1.17.0)
    parser (2.6.5.0)
      ast (~> 2.4.0)
    rainbow (3.0.0)
    rake (10.5.0)
    rb-fsevent (0.10.3)
    rb-inotify (0.10.0)
      ffi (~> 1.0)
    rspec (3.8.0)
      rspec-core (~> 3.8.0)
      rspec-expectations (~> 3.8.0)
      rspec-mocks (~> 3.8.0)
    rspec-core (3.8.2)
      rspec-support (~> 3.8.0)
    rspec-expectations (3.8.5)
      diff-lcs (>= 1.2.0, < 2.0)
      rspec-support (~> 3.8.0)
    rspec-mocks (3.8.2)
      diff-lcs (>= 1.2.0, < 2.0)
      rspec-support (~> 3.8.0)
    rspec-support (3.8.3)
    rubocop (0.75.0)
      jaro_winkler (~> 1.5.1)
      parallel (~> 1.10)
      parser (>= 2.6)
      rainbow (>= 2.2.2, < 4.0)
      ruby-progressbar (~> 1.7)
      unicode-display_width (>= 1.4.0, < 1.7)
    ruby-progressbar (1.10.1)
    sassc (2.2.1)
      ffi (~> 1.9)
    slim (4.0.1)
      temple (>= 0.7.6, < 0.9)
      tilt (>= 2.0.6, < 2.1)
    temple (0.8.2)
    thor (0.20.3)
    tilt (2.0.10)
    uglifier (4.2.0)
      execjs (>= 0.3.0, < 3)
    unicode-display_width (1.6.0)

PLATFORMS
  ruby

DEPENDENCIES
  rake (~> 10.0)
  rspec (~> 3.0)
  rubocop (>= 0.75.0)
  vueapp!

BUNDLED WITH
   2.0.1
